PATH
  remote: .
  specs:
    tacape (0.0.1)
      activesupport
      i18n
      notifier
      os
      thor

GEM
  remote: https://rubygems.org/
  specs:
    activesupport (3.2.12)
      i18n (~> 0.6)
      multi_json (~> 1.0)
    coderay (1.0.9)
    diff-lcs (1.2.4)
    i18n (0.6.4)
    method_source (0.8.1)
    multi_json (1.7.4)
    notifier (0.4.1)
    os (0.9.6)
    pry (0.9.12.2)
      coderay (~> 1.0.5)
      method_source (~> 0.8)
      slop (~> 3.4)
    pry-nav (0.2.3)
      pry (~> 0.9.10)
    rake (10.0.4)
    rspec (2.13.0)
      rspec-core (~> 2.13.0)
      rspec-expectations (~> 2.13.0)
      rspec-mocks (~> 2.13.0)
    rspec-core (2.13.1)
    rspec-expectations (2.13.0)
      diff-lcs (>= 1.1.3, < 2.0)
    rspec-mocks (2.13.1)
    slop (3.4.5)
    test_notifier (1.0.1)
      notifier
    thor (0.18.1)

PLATFORMS
  ruby

DEPENDENCIES
  pry
  pry-nav
  rake
  rspec
  tacape!
  test_notifier
